PATH
  remote: .
  specs:
    oompa_loompas (1.0.0)
      faraday (~> 2.5.2)
      json (= 2.6.0)
      rubyXL (= 3.4.25)

GEM
  remote: https://rubygems.org/
  specs:
    faraday (2.5.2)
      faraday-net_http (>= 2.0, < 3.1)
      ruby2_keywords (>= 0.0.4)
    faraday-net_http (3.0.2)
    json (2.6.0)
    nokogiri (1.15.4-x86_64-linux)
      racc (~> 1.4)
    racc (1.7.1)
    ruby2_keywords (0.0.5)
    rubyXL (3.4.25)
      nokogiri (>= 1.10.8)
      rubyzip (>= 1.3.0)
    rubyzip (2.3.2)

PLATFORMS
  x86_64-linux

DEPENDENCIES
  faraday (~> 2.5.2)
  json (= 2.6.0)
  oompa_loompas!
  rubyXL (= 3.4.25)

BUNDLED WITH
   2.3.7
